GEM
  remote: https://rubygems.org/
  specs:
    concurrent-ruby (1.2.2)
    daemons (1.4.1)
    eventmachine (1.2.7)
    i18n (1.13.0)
      concurrent-ruby (~> 1.0)
    mustermann (3.0.0)
      ruby2_keywords (~> 0.0.1)
    rack (2.2.7)
    rack-protection (3.0.6)
      rack
    ruby2_keywords (0.0.5)
    sinatra (3.0.6)
      mustermann (~> 3.0)
      rack (~> 2.2, >= 2.2.4)
      rack-protection (= 3.0.6)
      tilt (~> 2.0)
    thin (1.8.2)
      daemons (~> 1.0, >= 1.0.9)
      eventmachine (~> 1.0, >= 1.0.4)
      rack (>= 1, < 3)
    tilt (2.1.0)

PLATFORMS
  ruby
  x86_64-linux

DEPENDENCIES
  i18n
  sinatra
  thin

BUNDLED WITH
   2.4.8
